GEM
  remote: https://rubygems.org/
  specs:
    ffi (1.4.0)
    ffi-rzmq (1.0.0)
      ffi

PLATFORMS
  ruby

DEPENDENCIES
  ffi-rzmq
